GEM
  remote: https://rubygems.org/
  specs:
    breakpoint (2.5.0)
      sass (~> 3.3)
      sassy-maps (< 1.0.0)
    ffi (1.10.0)
    rb-fsevent (0.10.3)
    rb-inotify (0.10.0)
      ffi (~> 1.0)
    sass (3.5.7)
      sass-listen (~> 4.0.0)
    sass-globbing (1.1.5)
      sass (>= 3.1)
    sass-listen (4.0.0)
      rb-fsevent (~> 0.9, >= 0.9.4)
      rb-inotify (~> 0.9, >= 0.9.7)
    sassy-maps (0.4.0)
      sass (~> 3.3)

PLATFORMS
  ruby

DEPENDENCIES
  breakpoint (~> 2.5.0)
  sass (~> 3.5.7)
  sass-globbing (~> 1.1.5)

BUNDLED WITH
   1.17.1
